PATH
  remote: .
  specs:
    vsql_parser (0.1.1)
      treetop (~> 1.4.0)

GEM
  remote: https://rubygems.org/
  specs:
    diff-lcs (1.1.3)
    polyglot (0.3.5)
    rspec (2.10.0)
      rspec-core (~> 2.10.0)
      rspec-expectations (~> 2.10.0)
      rspec-mocks (~> 2.10.0)
    rspec-core (2.10.1)
    rspec-expectations (2.10.0)
      diff-lcs (~> 1.1.3)
    rspec-mocks (2.10.1)
    treetop (1.4.15)
      polyglot
      polyglot (>= 0.3.1)

PLATFORMS
  ruby

DEPENDENCIES
  rspec (>= 2.10.0)
  vsql_parser!

BUNDLED WITH
   2.1.4
